GEM
  remote: https://rubygems.org/
  specs:
    byebug (11.1.3)
    oj (3.13.10)

PLATFORMS
  ruby

DEPENDENCIES
  byebug
  oj

BUNDLED WITH
   2.1.4
